PATH
  remote: .
  specs:
    testing_your_legacy (0.1.0)

GEM
  remote: https://rubygems.org/
  specs:
    minitest (5.8.3)
    rake (10.4.2)

PLATFORMS
  ruby

DEPENDENCIES
  bundler (~> 1.10)
  minitest
  rake (~> 10.0)
  testing_your_legacy!

BUNDLED WITH
   1.10.6
