GEM
  remote: https://rubygems.org/
  specs:
    clamp (1.0.0)
    excon (0.49.0)
    json (1.8.3)
    sumo-search (2.1.0)
      clamp (>= 0.6.3)
      excon (>= 0.32)
      json

PLATFORMS
  ruby

DEPENDENCIES
  sumo-search

BUNDLED WITH
   1.10.6
